PATH
  remote: .
  specs:
    time_distance (0.1.0)
      tod (~> 3.0)

GEM
  remote: https://rubygems.org/
  specs:
    minitest (5.14.4)
    rake (13.0.6)
    tod (3.0.0)

PLATFORMS
  x86_64-darwin-20

DEPENDENCIES
  minitest (~> 5.0)
  rake (~> 13.0)
  time_distance!
  tod (~> 3.0)

BUNDLED WITH
   2.2.15
